GEM
  remote: https://rubygems.org/
  specs:
    akismet (2.0.0)
    dotenv (2.2.1)
    foreman (0.84.0)
      thor (~> 0.19.1)
    json (2.1.0)
    kgio (2.11.0)
    mail (2.6.6)
      mime-types (>= 1.16, < 4)
    mime-types (3.1)
      mime-types-data (~> 3.2015)
    mime-types-data (3.2016.0521)
    mustermann (1.0.1)
    pony (1.11)
      mail (>= 2.0)
    rack (2.0.3)
    rack-protection (2.0.0)
      rack
    raindrops (0.17.0)
    sinatra (2.0.0)
      mustermann (~> 1.0)
      rack (~> 2.0)
      rack-protection (= 2.0.0)
      tilt (~> 2.0)
    thor (0.19.4)
    tilt (2.0.8)
    unicorn (5.2.0)
      kgio (~> 2.6)
      raindrops (~> 0.7)

PLATFORMS
  ruby

DEPENDENCIES
  akismet (~> 2.0)
  dotenv (~> 2.2, >= 2.2.1)
  foreman
  json (>= 1.8.3)
  mail (~> 2.6, >= 2.6.6)
  pony (~> 1.11)
  sinatra (~> 2.0)
  unicorn (~> 5.1)

BUNDLED WITH
   1.15.4
